PATH
  remote: .
  specs:
    robowhois (0.2.2)
      httparty (~> 0.9.0)

GEM
  remote: http://rubygems.org/
  specs:
    diff-lcs (1.1.3)
    fakeweb (1.3.0)
    httparty (0.9.0)
      multi_json (~> 1.0)
      multi_xml
    multi_json (1.5.0)
    multi_xml (0.5.1)
    rake (10.0.2)
    rspec (2.12.0)
      rspec-core (~> 2.12.0)
      rspec-expectations (~> 2.12.0)
      rspec-mocks (~> 2.12.0)
    rspec-core (2.12.1)
    rspec-expectations (2.12.0)
      diff-lcs (~> 1.1.3)
    rspec-mocks (2.12.0)
    yard (0.7.5)

PLATFORMS
  ruby

DEPENDENCIES
  fakeweb (~> 1.3.0)
  rake (~> 10.0.0)
  robowhois!
  rspec (~> 2.12.0)
  yard
