PATH
  remote: .
  specs:
    robowhois (0.1.0)
      httparty (~> 0.8.0)

GEM
  remote: http://rubygems.org/
  specs:
    diff-lcs (1.1.3)
    fakeweb (1.3.0)
    httparty (0.8.1)
      multi_json
      multi_xml
    multi_json (1.1.0)
    multi_xml (0.4.1)
    rake (0.9.2.2)
    rspec (2.8.0)
      rspec-core (~> 2.8.0)
      rspec-expectations (~> 2.8.0)
      rspec-mocks (~> 2.8.0)
    rspec-core (2.8.0)
    rspec-expectations (2.8.0)
      diff-lcs (~> 1.1.2)
    rspec-mocks (2.8.0)
    yard (0.7.5)

PLATFORMS
  ruby

DEPENDENCIES
  fakeweb (~> 1.3.0)
  rake (~> 0.9)
  robowhois!
  rspec (~> 2.8.0)
  yard
